GEM
  remote: https://rubygems.org/
  specs:
    coderay (1.0.9)
<<<<<<< HEAD
    cucumber-sinatra (0.5.0)
      templater (>= 1.0.0)
    diff-lcs (1.2.4)
    erubis (2.7.0)
    extlib (0.9.16)
=======
>>>>>>> parent of 3feac96... converted views to haml and started capybara testing
    ffi (1.9.0)
    formatador (0.2.4)
    guard (1.8.3)
      formatador (>= 0.2.4)
      listen (~> 1.3)
      lumberjack (>= 1.0.2)
      pry (>= 0.9.10)
      thor (>= 0.14.6)
<<<<<<< HEAD
    haml (4.0.3)
      tilt
    highline (1.6.19)
    i18n (0.6.5)
=======
>>>>>>> parent of 3feac96... converted views to haml and started capybara testing
    kgio (2.8.1)
    listen (1.3.1)
      rb-fsevent (>= 0.9.3)
      rb-inotify (>= 0.9)
      rb-kqueue (>= 0.2)
    lumberjack (1.0.4)
    method_source (0.8.2)
    newrelic_rpm (3.6.7.152)
    pry (0.9.12.2)
      coderay (~> 1.0.5)
      method_source (~> 0.8)
      slop (~> 3.4)
    rack (1.5.2)
    rack-flash3 (1.0.5)
      rack
    rack-protection (1.5.0)
      rack
    raindrops (0.12.0)
    rb-fsevent (0.9.3)
    rb-inotify (0.9.2)
      ffi (>= 0.5.0)
    rb-kqueue (0.2.0)
      ffi (>= 0.5.0)
    shotgun (0.9)
      rack (>= 1.0)
    sinatra (1.4.3)
      rack (~> 1.4)
      rack-protection (~> 1.4)
      tilt (~> 1.3, >= 1.3.4)
    sinatra-mapping (1.2.0)
      sinatra (>= 0.9.1.1)
    sinatra-partial (0.4.0)
      sinatra
    slop (3.4.6)
    templater (1.0.0)
      diff-lcs (>= 1.1.2)
      extlib (>= 0.9.5)
      highline (>= 1.4.0)
    terminal-notifier-guard (1.5.3)
    thor (0.18.1)
    tilt (1.4.1)
    unicorn (4.6.3)
      kgio (~> 2.6)
      rack
      raindrops (~> 0.7)

PLATFORMS
  ruby

DEPENDENCIES
<<<<<<< HEAD
  capybara
  cucumber-sinatra
=======
>>>>>>> parent of 3feac96... converted views to haml and started capybara testing
  guard
  newrelic_rpm
  nokogiri
  rack-flash3
  shotgun
  sinatra
  sinatra-mapping
  sinatra-partial
  terminal-notifier-guard
  unicorn
